GEM
  remote: https://rubygems.org/
  specs:
    activesupport (4.2.0)
      i18n (~> 0.7)
      json (~> 1.7, >= 1.7.7)
      minitest (~> 5.1)
      thread_safe (~> 0.3, >= 0.3.4)
      tzinfo (~> 1.1)
    holiday_jp (0.4.2)
    i18n (0.7.0)
    json (1.8.2)
    kosi (1.0.0)
      unicode (>= 0.4.4)
    minitest (5.5.1)
    thread_safe (0.3.4)
    tzinfo (1.2.2)
      thread_safe (~> 0.1)
    unicode (0.4.4.2)

PLATFORMS
  ruby

DEPENDENCIES
  activesupport (~> 4.2.0)
  holiday_jp
  kosi
